GIT
  remote: git://github.com/gkellogg/json-ld.git
  revision: deca083604fa12931f722eb1927329f101ad335a
  specs:
    json-ld (0.9.0)
      backports
      json (>= 1.7.5)
      rdf (>= 1.0)

GIT
  remote: git://github.com/gkellogg/sinatra-browserid.git
  revision: ef33f0d9efbdf2df0fc68fa66622057d1f4a05d8
  specs:
    sinatra-browserid (0.3)
      curb (>= 0.8.0)
      sinatra (>= 1.1.0)

GIT
  remote: git://github.com/ruby-rdf/rdf-rdfa.git
  revision: f9eb0cc0f744f974154de18789e712971740cc2f
  specs:
    rdf-rdfa (1.0.0)
      haml (>= 3.1.7)
      htmlentities (>= 4.3.1)
      rdf (>= 1.0)
      rdf-xsd (>= 1.0)

GEM
  remote: http://rubygems.org/
  specs:
    addressable (2.3.2)
    backports (2.7.1)
    builder (3.1.4)
    columnize (0.3.6)
    cssmin (1.0.2)
    curb (0.8.3)
    debugger (1.3.0)
      columnize (>= 0.3.1)
      debugger-linecache (~> 1.1.1)
      debugger-ruby_core_source (~> 1.1.7)
    debugger-linecache (1.1.2)
      debugger-ruby_core_source (>= 1.1.1)
    debugger-ruby_core_source (1.1.7)
    equivalent-xml (0.3.0)
      nokogiri (>= 1.4.3)
    execjs (1.4.0)
      multi_json (~> 1.0)
    haml (3.1.7)
    htmlentities (4.3.1)
    json (1.7.6)
    json_pure (1.7.6)
    linkeddata (1.0.0)
      json-ld (>= 0.9.0)
      rdf (>= 1.0)
      rdf-isomorphic (>= 1.0)
      rdf-json (>= 1.0)
      rdf-microdata (>= 1.0)
      rdf-n3 (>= 1.0)
      rdf-rdfa (>= 1.0)
      rdf-rdfxml (>= 1.0)
      rdf-trig (>= 1.0.0.beta1)
      rdf-trix (>= 1.0)
      rdf-turtle (>= 1.0)
    multi_json (1.5.0)
    net-http-persistent (2.8)
    nokogiri (1.5.6)
    rack (1.5.1)
    rack-cache (1.2)
      rack (>= 0.4)
    rack-protection (1.3.2)
      rack
    rake (10.0.3)
    rdf (1.0.0)
      addressable (>= 2.2)
    rdf-isomorphic (1.0.0)
      rdf (>= 1.0)
    rdf-json (1.0.0)
      json_pure (>= 1.4)
      rdf (>= 1.0)
    rdf-microdata (1.0.0)
      htmlentities (>= 4.3.0)
      json (>= 1.7.6)
      rdf (>= 1.0)
      rdf-xsd (>= 1.0)
    rdf-n3 (1.0.0)
      rdf (>= 1.0)
    rdf-rdfxml (1.0.0)
      rdf (>= 1.0)
      rdf-xsd (>= 1.0)
    rdf-trig (1.0.0.beta1)
      rdf (>= 1.0)
      rdf-turtle (>= 1.0)
    rdf-trix (1.0.0)
      rdf (>= 1.0)
    rdf-turtle (1.0.0)
      rdf (>= 1.0)
    rdf-xsd (1.0.0)
      backports
      nokogiri (>= 1.5.0)
      rdf (>= 0.3.4)
    shotgun (0.9)
      rack (>= 1.0)
    sinatra (1.3.4)
      rack (~> 1.4)
      rack-protection (~> 1.3)
      tilt (~> 1.3, >= 1.3.3)
    sinatra-respond_to (0.8.0)
      sinatra (~> 1.3)
    sinatra-simple-assets (0.0.5)
      cssmin (~> 1.0.2)
      sinatra (~> 1.3.0)
      uglifier (~> 1.2.0)
    sparql (1.0.1)
      builder (>= 3.0)
      json (>= 1.7)
      rdf (>= 1.0)
      rdf-xsd (>= 1.0)
      sparql-client (>= 1.0)
      sxp
    sparql-client (1.0.0)
      json_pure (>= 1.4)
      net-http-persistent (>= 1.4)
      rdf (>= 1.0)
    sxp (0.1.0)
      json (>= 1.4.6)
    syntax (1.0.0)
    tilt (1.3.3)
    uglifier (1.2.7)
      execjs (>= 0.3.0)
      multi_json (~> 1.3)
    wirble (0.1.3)

PLATFORMS
  ruby

DEPENDENCIES
  curb
  debugger
  equivalent-xml
  haml
  json
  json-ld!
  linkeddata
  rack-cache
  rake
  rdf-rdfa!
  shotgun
  sinatra
  sinatra-browserid!
  sinatra-respond_to
  sinatra-simple-assets
  sparql
  syntax
  wirble
